GEM
  remote: http://rubygems.org/
  specs:
    builder (3.0.0)
    celerity (0.8.7)
    childprocess (0.1.6)
      ffi (~> 0.6.3)
    cucumber (0.10.0)
      builder (>= 2.1.2)
      diff-lcs (~> 1.1.2)
      gherkin (~> 2.3.2)
      json (~> 1.4.6)
      term-ansicolor (~> 1.0.5)
    diff-lcs (1.1.2)
    ffi (0.6.3)
      rake (>= 0.8.7)
    ffi (0.6.3-java)
    gherkin (2.3.3)
      json (~> 1.4.6)
    gherkin (2.3.3-java)
      json (~> 1.4.6)
    json (1.4.6)
    json (1.4.6-java)
    json_pure (1.4.6)
    prawn (0.8.4)
      prawn-core (>= 0.8.4, < 0.9)
      prawn-layout (>= 0.8.4, < 0.9)
      prawn-security (>= 0.8.4, < 0.9)
    prawn-core (0.8.4)
    prawn-layout (0.8.4)
    prawn-security (0.8.4)
    rake (0.8.7)
    rubyzip (0.9.4)
    selenium-webdriver (0.1.2)
      childprocess (~> 0.1.5)
      ffi (~> 0.6.3)
      json_pure
      rubyzip
    term-ansicolor (1.0.5)
    watir-webdriver (0.1.8)
      selenium-webdriver (>= 0.1.2)

PLATFORMS
  java
  ruby

DEPENDENCIES
  celerity (= 0.8.7)
  cucumber (= 0.10.0)
  prawn (= 0.8.4)
  watir-webdriver (= 0.1.8)
